GEM
  remote: https://rubygems.org/
  specs:
    ansi (1.5.0)
    ast (2.3.0)
    ethon (0.10.1)
      ffi (>= 1.3.0)
    ffi (1.9.18)
    oga (2.10)
      ast
      ruby-ll (~> 2.1)
    ruby-ll (2.1.2)
      ansi
      ast
    typhoeus (1.1.2)
      ethon (>= 0.9.0)

PLATFORMS
  ruby

DEPENDENCIES
  oga
  typhoeus

BUNDLED WITH
   1.13.2
